GEM
  remote: https://rubygems.org/
  specs:
    concurrent-ruby (1.1.9)
    datahen (0.16.2)
      concurrent-ruby (~> 1.1)
      httparty (~> 0.16.2)
      nokogiri (~> 1.6)
      parallel (~> 1.20)
      thor (~> 0.20.3)
    dh_easy-config (0.0.6)
      dh_easy-core (~> 0)
    dh_easy-core (0.3.1)
      datahen (~> 0.9)
      faker (~> 1)
    dh_easy-qa (0.0.33)
      dh_easy-config
    faker (1.9.6)
      i18n (>= 0.7)
    httparty (0.16.4)
      mime-types (~> 3.0)
      multi_xml (>= 0.5.2)
    i18n (1.8.10)
      concurrent-ruby (~> 1.0)
    mime-types (3.3.1)
      mime-types-data (~> 3.2015)
    mime-types-data (3.2021.0704)
    multi_xml (0.6.0)
    nokogiri (1.12.3-x86_64-linux)
      racc (~> 1.4)
    parallel (1.20.1)
    racc (1.5.2)
    thor (0.20.3)

PLATFORMS
  x86_64-linux

DEPENDENCIES
  dh_easy-qa

BUNDLED WITH
   2.2.24
